GEM
  remote: https://rubygems.org/
  specs:
    activemodel (5.0.0.beta3)
      activesupport (= 5.0.0.beta3)
    activerecord (5.0.0.beta3)
      activemodel (= 5.0.0.beta3)
      activesupport (= 5.0.0.beta3)
      arel (~> 7.0)
    activesupport (5.0.0.beta3)
      concurrent-ruby (~> 1.0)
      i18n (~> 0.7)
      minitest (~> 5.1)
      tzinfo (~> 1.1)
    arel (7.0.0)
    benchmark-ips (2.5.0)
    concurrent-ruby (1.0.0)
    i18n (0.7.0)
    lru_redux (1.1.0)
    minitest (5.8.4)
    pg (0.18.4)
    sequel (4.31.0)
    sequel_pg (1.6.14)
      pg (>= 0.8.0)
      sequel (>= 3.39.0)
    thread_safe (0.3.5)
    tzinfo (1.2.2)
      thread_safe (~> 0.1)

PLATFORMS
  ruby

DEPENDENCIES
  activerecord (= 5.0.0.beta3)
  benchmark-ips
  lru_redux
  pg
  sequel
  sequel_pg

BUNDLED WITH
   1.11.2
